PATH
  remote: .
  specs:
    synonymous (0.3.0)
      faraday

GEM
  remote: https://rubygems.org/
  specs:
    addressable (2.8.0)
      public_suffix (>= 2.0.2, < 5.0)
    crack (0.4.5)
      rexml
    faraday (2.2.0)
      faraday-net_http (~> 2.0)
      ruby2_keywords (>= 0.0.4)
    faraday-net_http (2.0.2)
    hashdiff (1.0.1)
    minitest (5.15.0)
    public_suffix (4.0.7)
    rake (13.0.6)
    rexml (3.2.5)
    ruby2_keywords (0.0.5)
    shoulda-context (2.0.0)
    vcr (6.1.0)
    webmock (3.14.0)
      addressable (>= 2.8.0)
      crack (>= 0.3.2)
      hashdiff (>= 0.4.0, < 2.0.0)

PLATFORMS
  ruby

DEPENDENCIES
  bundler
  minitest
  rake
  shoulda-context
  synonymous!
  vcr
  webmock

BUNDLED WITH
   2.2.32
